GEM
  remote: http://rubygems.org/
  specs:
    actionmailer (3.2.0.rc1)
      actionpack (= 3.2.0.rc1)
      mail (~> 2.3.0)
    actionpack (3.2.0.rc1)
      activemodel (= 3.2.0.rc1)
      activesupport (= 3.2.0.rc1)
      builder (~> 3.0.0)
      erubis (~> 2.7.0)
      journey (~> 1.0.0.rc1)
      rack (~> 1.3.5)
      rack-cache (~> 1.1)
      rack-test (~> 0.6.1)
      sprockets (~> 2.1.2)
    activemodel (3.2.0.rc1)
      activesupport (= 3.2.0.rc1)
      builder (~> 3.0.0)
    activerecord (3.2.0.rc1)
      activemodel (= 3.2.0.rc1)
      activesupport (= 3.2.0.rc1)
      arel (~> 3.0.0.rc1)
      tzinfo (~> 0.3.29)
    activeresource (3.2.0.rc1)
      activemodel (= 3.2.0.rc1)
      activesupport (= 3.2.0.rc1)
    activesupport (3.2.0.rc1)
      i18n (~> 0.6)
      multi_json (~> 1.0)
    acts_as_tree (0.1.1)
    arel (3.0.0.rc1)
    bcrypt-ruby (3.0.1)
    builder (3.0.0)
    carrierwave (0.5.8)
      activesupport (~> 3.0)
    chunky_png (1.2.5)
    coffee-rails (3.2.0)
      coffee-script (>= 2.2.0)
      railties (~> 3.2.0.beta)
    coffee-script (2.2.0)
      coffee-script-source
      execjs
    coffee-script-source (1.2.0)
    colored (1.2)
    commonjs (0.2.0)
      therubyracer (~> 0.9.9)
    compass (0.12.alpha.2)
      chunky_png (~> 1.2)
      fssm (>= 0.2.7)
      sass (~> 3.1)
    devise (1.5.3)
      bcrypt-ruby (~> 3.0)
      orm_adapter (~> 0.0.3)
      warden (~> 1.1)
    erubis (2.7.0)
    execjs (1.2.13)
      multi_json (~> 1.0)
    fssm (0.2.7)
    hike (1.2.1)
    i18n (0.6.0)
    journey (1.0.0.rc1)
    jquery-rails (1.0.19)
      railties (~> 3.0)
      thor (~> 0.14)
    json (1.6.3)
    less (2.0.8)
      commonjs (~> 0.2.0)
      therubyracer (~> 0.9.9)
    less-rails (2.1.2)
      actionpack (>= 3.1)
      less (~> 2.0.7)
    libv8 (3.3.10.4)
    mail (2.3.0)
      i18n (>= 0.4.0)
      mime-types (~> 1.16)
      treetop (~> 1.4.8)
    mime-types (1.17.2)
    multi_json (1.0.4)
    mysql2 (0.3.11)
    orm_adapter (0.0.5)
    polyglot (0.3.3)
    progressbar (0.9.2)
    rack (1.3.5)
    rack-cache (1.1)
      rack (>= 0.4)
    rack-ssl (1.3.2)
      rack
    rack-test (0.6.1)
      rack (>= 1.0)
    rails (3.2.0.rc1)
      actionmailer (= 3.2.0.rc1)
      actionpack (= 3.2.0.rc1)
      activerecord (= 3.2.0.rc1)
      activeresource (= 3.2.0.rc1)
      activesupport (= 3.2.0.rc1)
      bundler (~> 1.0)
      railties (= 3.2.0.rc1)
    rails_best_practices (1.7.1)
      activesupport
      colored
      erubis
      i18n
      progressbar
      sexp_processor
    railties (3.2.0.rc1)
      actionpack (= 3.2.0.rc1)
      activesupport (= 3.2.0.rc1)
      rack-ssl (~> 1.3.2)
      rake (>= 0.8.7)
      rdoc (~> 3.4)
      thor (~> 0.14.6)
    rake (0.9.2.2)
    rdoc (3.12)
      json (~> 1.4)
    redis (2.2.2)
    redis-store (1.0.0.1)
      redis (~> 2.2.1)
    sass (3.1.12)
    sass-rails (3.2.1)
      railties (~> 3.2.0.beta)
      sass (>= 3.1.10)
      tilt (~> 1.3)
    sexp_processor (3.0.9)
    simple_form (1.5.2)
      actionpack (~> 3.0)
      activemodel (~> 3.0)
    slim (1.0.4)
      temple (~> 0.3.4)
      tilt (~> 1.3.2)
    slim-rails (0.2.1)
      slim (>= 0.9.2)
    sprockets (2.1.2)
      hike (~> 1.2)
      rack (~> 1.0)
      tilt (~> 1.1, != 1.3.0)
    sqlite3 (1.3.5)
    temple (0.3.4)
    therubyracer (0.9.9)
      libv8 (~> 3.3.10)
    thor (0.14.6)
    tilt (1.3.3)
    treetop (1.4.10)
      polyglot
      polyglot (>= 0.3.1)
    twitter-bootstrap-rails (1.4.2)
      actionpack
      jquery-rails (~> 1.0)
      less
      less-rails (~> 2.1.0)
      railties
    tzinfo (0.3.31)
    uglifier (1.2.0)
      execjs (>= 0.3.0)
      multi_json (>= 1.0.2)
    warden (1.1.0)
      rack (>= 1.0)

PLATFORMS
  ruby

DEPENDENCIES
  acts_as_tree
  carrierwave
  coffee-rails
  compass (= 0.12.alpha.2)
  devise
  jquery-rails (= 1.0.19)
  mysql2
  rails (= 3.2.0.rc1)
  rails_best_practices
  redis-store
  sass-rails
  simple_form
  slim-rails
  sqlite3
  twitter-bootstrap-rails
  uglifier
